PATH
  remote: .
  specs:
    echonest-ruby-api (0.0.1)
      httparty
      multi_json

GEM
  remote: https://rubygems.org/
  specs:
    httparty (0.10.2)
      multi_json (~> 1.0)
      multi_xml (>= 0.5.2)
    multi_json (1.5.0)
    multi_xml (0.5.2)

PLATFORMS
  ruby

DEPENDENCIES
  echonest-ruby-api!
